GEM
  remote: https://rubygems.org/
  specs:
    addressable (2.7.0)
      public_suffix (>= 2.0.2, < 5.0)
    capybara (3.33.0)
      addressable
      mini_mime (>= 0.1.3)
      nokogiri (~> 1.8)
      rack (>= 1.6.0)
      rack-test (>= 0.6.3)
      regexp_parser (~> 1.5)
      xpath (~> 3.2)
    erubi (1.10.0)
    ffi (1.13.1)
    mini_mime (1.0.2)
    mini_portile2 (2.4.0)
    minitest (5.14.2)
    minitest-global_expectations (1.0.1)
      minitest (> 5)
    minitest-hooks (1.5.0)
      minitest (> 5.3)
    nokogiri (1.10.10)
      mini_portile2 (~> 2.4.0)
    pg (1.2.3)
    public_suffix (4.0.6)
    rack (2.2.3)
    rack-test (1.1.0)
      rack (>= 1.0, < 3)
    rack-unreloader (1.7.0)
    refrigerator (1.3.0)
    regexp_parser (1.8.2)
    roda (3.38.0)
      rack
    sassc (2.4.0)
      ffi (~> 1.9)
    sequel (5.38.0)
    sequel-annotate (1.6.0)
      sequel (>= 4)
    sequel_pg (1.14.0)
      pg (>= 0.18.0, != 1.2.0)
      sequel (>= 4.38.0)
    tilt (2.0.10)
    warning (1.1.0)
    xpath (3.2.0)
      nokogiri (~> 1.8)

PLATFORMS
  ruby

DEPENDENCIES
  capybara
  erubi (>= 1.5)
  minitest (>= 5.7.0)
  minitest-global_expectations
  minitest-hooks (>= 1.1.0)
  rack-unreloader
  refrigerator (>= 1)
  roda (>= 3.19)
  sassc (>= 2)
  sequel (>= 5)
  sequel-annotate
  sequel_pg (>= 1.8)
  tilt (>= 2.0.9)
  warning

BUNDLED WITH
   2.1.4
